GEM
  remote: https://rubygems.org/
  specs:
    highline (2.0.1)
    httparty (0.16.3)
      mime-types (~> 3.0)
      multi_xml (>= 0.5.2)
    mime-types (3.2.2)
      mime-types-data (~> 3.2015)
    mime-types-data (3.2018.0812)
    multi_xml (0.6.0)
    thor (0.20.3)

PLATFORMS
  ruby

DEPENDENCIES
  highline
  httparty
  thor

BUNDLED WITH
   2.0.1
